GIT
  remote: git://github.com/centresource/rails_sql_views
  revision: 0486fff084032367b4c08bf0a51b151ef86a08f1
  specs:
    rails_sql_views (0.8.0.2.laripk)
      activerecord
      rails (~> 3.1.rc1)
      rake (~> 0.9)

GEM
  remote: https://rubygems.org/
  specs:
    actionmailer (3.2.11)
      actionpack (= 3.2.11)
      mail (~> 2.4.4)
    actionpack (3.2.11)
      activemodel (= 3.2.11)
      activesupport (= 3.2.11)
      builder (~> 3.0.0)
      erubis (~> 2.7.0)
      journey (~> 1.0.4)
      rack (~> 1.4.0)
      rack-cache (~> 1.2)
      rack-test (~> 0.6.1)
      sprockets (~> 2.2.1)
    activeadmin (0.5.0)
      arbre (>= 1.0.1)
      bourbon (>= 1.0.0)
      devise (>= 1.1.2)
      fastercsv
      formtastic (>= 2.0.0)
      inherited_resources (>= 1.3.1)
      jquery-rails (>= 1.0.0)
      kaminari (>= 0.13.0)
      meta_search (>= 0.9.2)
      rails (>= 3.0.0)
      sass (>= 3.1.0)
    activemodel (3.2.11)
      activesupport (= 3.2.11)
      builder (~> 3.0.0)
    activerecord (3.2.11)
      activemodel (= 3.2.11)
      activesupport (= 3.2.11)
      arel (~> 3.0.2)
      tzinfo (~> 0.3.29)
    activeresource (3.2.11)
      activemodel (= 3.2.11)
      activesupport (= 3.2.11)
    activesupport (3.2.11)
      i18n (~> 0.6)
      multi_json (~> 1.0)
    addressable (2.3.5)
    annotate (2.4.1.beta1)
    arbre (1.0.1)
      activesupport (>= 3.0.0)
    arel (3.0.3)
    atomic (1.1.14)
    bcrypt-ruby (3.0.1)
    bourbon (3.1.8)
      sass (>= 3.2.0)
      thor
    builder (3.0.4)
    capybara (1.1.2)
      mime-types (>= 1.16)
      nokogiri (>= 1.3.3)
      rack (>= 1.0.0)
      rack-test (>= 0.5.4)
      selenium-webdriver (~> 2.0)
      xpath (~> 0.1.4)
    childprocess (0.3.9)
      ffi (~> 1.0, >= 1.0.11)
    citier (0.1.15)
      rails_sql_views
    coderay (1.1.0)
    coffee-rails (3.2.2)
      coffee-script (>= 2.2.0)
      railties (~> 3.2.0)
    coffee-script (2.2.0)
      coffee-script-source
      execjs
    coffee-script-source (1.6.3)
    delocalize (0.3.2)
      rails (>= 3.0, < 4)
    devise (3.2.2)
      bcrypt-ruby (~> 3.0)
      orm_adapter (~> 0.1)
      railties (>= 3.2.6, < 5)
      thread_safe (~> 0.1)
      warden (~> 1.2.3)
    diff-lcs (1.1.3)
    dragonfly (0.9.15)
      multi_json (~> 1.0)
      rack
    email_spec (1.5.0)
      launchy (~> 2.1)
      mail (~> 2.2)
    erubis (2.7.0)
    event-calendar (2.3.3)
    execjs (2.0.2)
    factory_girl (2.3.2)
      activesupport
    factory_girl_rails (1.4.0)
      factory_girl (~> 2.3.0)
      railties (>= 3.0.0)
    faker (1.0.1)
      i18n (~> 0.4)
    fastercsv (1.5.5)
    ffi (1.9.3)
    formatador (0.2.4)
    formtastic (2.1.1)
      actionpack (~> 3.0)
    friendly_id (4.0.10.1)
      activerecord (>= 3.0, < 4.0)
    guard (1.7.0)
      formatador (>= 0.2.4)
      listen (>= 0.6.0)
      lumberjack (>= 1.0.2)
      pry (>= 0.9.10)
      thor (>= 0.14.6)
    guard-rspec (0.5.5)
      guard (>= 0.8.4)
    guard-spork (0.3.2)
      guard (>= 0.8.4)
      spork (>= 0.8.4)
    has_scope (0.6.0.rc)
      actionpack (>= 3.2, < 5)
      activesupport (>= 3.2, < 5)
    hike (1.2.3)
    i18n (0.6.5)
    inherited_resources (1.4.1)
      has_scope (~> 0.6.0.rc)
      responders (~> 1.0.0.rc)
    journey (1.0.4)
    jquery-rails (3.0.4)
      railties (>= 3.0, < 5.0)
      thor (>= 0.14, < 2.0)
    jquery-ui-rails (0.2.2)
      jquery-rails
      railties (>= 3.1.0)
    json (1.8.1)
    kaminari (0.15.0)
      actionpack (>= 3.0.0)
      activesupport (>= 3.0.0)
    launchy (2.4.0)
      addressable (~> 2.3)
    libnotify (0.5.9)
    listen (0.7.3)
    lumberjack (1.0.4)
    mail (2.4.4)
      i18n (>= 0.4.0)
      mime-types (~> 1.16)
      treetop (~> 1.4.8)
    meta_search (1.1.3)
      actionpack (~> 3.1)
      activerecord (~> 3.1)
      activesupport (~> 3.1)
      polyamorous (~> 0.5.0)
    method_source (0.8.2)
    mime-types (1.25.1)
    mini_portile (0.5.2)
    multi_json (1.8.2)
    mysql2 (0.3.14)
    nokogiri (1.6.0)
      mini_portile (~> 0.5.0)
    orm_adapter (0.5.0)
    polyamorous (0.5.0)
      activerecord (~> 3.0)
    polyglot (0.3.3)
    populator (1.0.0)
    pry (0.9.12.4)
      coderay (~> 1.0)
      method_source (~> 0.8)
      slop (~> 3.4)
    rack (1.4.5)
    rack-cache (1.2)
      rack (>= 0.4)
    rack-ssl (1.3.3)
      rack
    rack-test (0.6.2)
      rack (>= 1.0)
    rails (3.2.11)
      actionmailer (= 3.2.11)
      actionpack (= 3.2.11)
      activerecord (= 3.2.11)
      activeresource (= 3.2.11)
      activesupport (= 3.2.11)
      bundler (~> 1.0)
      railties (= 3.2.11)
    railties (3.2.11)
      actionpack (= 3.2.11)
      activesupport (= 3.2.11)
      rack-ssl (~> 1.3.2)
      rake (>= 0.8.7)
      rdoc (~> 3.4)
      thor (>= 0.14.6, < 2.0)
    rake (0.9.6)
    rb-inotify (0.8.8)
      ffi (>= 0.5.0)
    rdoc (3.12.2)
      json (~> 1.4)
    responders (1.0.0)
      railties (>= 3.2, < 5)
    rspec (2.10.0)
      rspec-core (~> 2.10.0)
      rspec-expectations (~> 2.10.0)
      rspec-mocks (~> 2.10.0)
    rspec-core (2.10.1)
    rspec-expectations (2.10.0)
      diff-lcs (~> 1.1.3)
    rspec-mocks (2.10.1)
    rspec-rails (2.10.0)
      actionpack (>= 3.0)
      activesupport (>= 3.0)
      railties (>= 3.0)
      rspec (~> 2.10.0)
    rubyzip (1.0.0)
    sass (3.2.12)
    sass-rails (3.2.6)
      railties (~> 3.2.0)
      sass (>= 3.1.10)
      tilt (~> 1.3)
    selenium-webdriver (2.37.0)
      childprocess (>= 0.2.5)
      multi_json (~> 1.0)
      rubyzip (~> 1.0.0)
      websocket (~> 1.0.4)
    slop (3.4.7)
    spork (0.9.0)
    sprockets (2.2.2)
      hike (~> 1.2)
      multi_json (~> 1.0)
      rack (~> 1.0)
      tilt (~> 1.1, != 1.3.0)
    thor (0.18.1)
    thread_safe (0.1.3)
      atomic
    tilt (1.4.1)
    timeliness (0.3.7)
    treetop (1.4.15)
      polyglot
      polyglot (>= 0.3.1)
    tzinfo (0.3.38)
    uglifier (2.3.1)
      execjs (>= 0.3.0)
      json (>= 1.8.0)
    ui_datepicker-rails3 (1.2.0)
    validates_email_format_of (1.5.3)
    validates_timeliness (3.0.14)
      timeliness (~> 0.3.6)
    warden (1.2.3)
      rack (>= 1.0)
    websocket (1.0.7)
    xpath (0.1.4)
      nokogiri (~> 1.3)

PLATFORMS
  ruby

DEPENDENCIES
  activeadmin (= 0.5.0)
  annotate (~> 2.4.1.beta)
  bcrypt-ruby (= 3.0.1)
  capybara (= 1.1.2)
  citier
  coffee-rails (~> 3.2.1)
  delocalize
  dragonfly (~> 0.9.12)
  email_spec
  event-calendar
  factory_girl_rails (= 1.4.0)
  faker (= 1.0.1)
  formtastic (~> 2.1.1)
  friendly_id (~> 4.0.9)
  guard-rspec (= 0.5.5)
  guard-spork (= 0.3.2)
  jquery-rails
  jquery-ui-rails
  libnotify (= 0.5.9)
  meta_search (>= 1.1.0.pre)
  mysql2
  populator
  rack-cache
  rails (= 3.2.11)
  rails_sql_views!
  rb-inotify (= 0.8.8)
  rspec-rails (= 2.10.0)
  sass-rails (~> 3.2.3)
  spork (= 0.9.0)
  uglifier (>= 1.0.3)
  ui_datepicker-rails3
  validates_email_format_of
  validates_timeliness (~> 3.0)
