GIT
  remote: git://github.com/centresource/rails_sql_views
  revision: 0486fff084032367b4c08bf0a51b151ef86a08f1
  specs:
    rails_sql_views (0.8.0.2.laripk)
      activerecord
      rails (~> 3.1.rc1)
      rake (~> 0.9)

GEM
  remote: https://rubygems.org/
  specs:
    actionmailer (3.2.5)
      actionpack (= 3.2.5)
      mail (~> 2.4.4)
    actionpack (3.2.5)
      activemodel (= 3.2.5)
      activesupport (= 3.2.5)
      builder (~> 3.0.0)
      erubis (~> 2.7.0)
      journey (~> 1.0.1)
      rack (~> 1.4.0)
      rack-cache (~> 1.2)
      rack-test (~> 0.6.1)
      sprockets (~> 2.1.3)
    activeadmin (0.5.0)
      arbre (>= 1.0.1)
      bourbon (>= 1.0.0)
      devise (>= 1.1.2)
      fastercsv
      formtastic (>= 2.0.0)
      inherited_resources (>= 1.3.1)
      jquery-rails (>= 1.0.0)
      kaminari (>= 0.13.0)
      meta_search (>= 0.9.2)
      rails (>= 3.0.0)
      sass (>= 3.1.0)
    activemodel (3.2.5)
      activesupport (= 3.2.5)
      builder (~> 3.0.0)
    activerecord (3.2.5)
      activemodel (= 3.2.5)
      activesupport (= 3.2.5)
      arel (~> 3.0.2)
      tzinfo (~> 0.3.29)
    activeresource (3.2.5)
      activemodel (= 3.2.5)
      activesupport (= 3.2.5)
    activesupport (3.2.5)
      i18n (~> 0.6)
      multi_json (~> 1.0)
    addressable (2.3.2)
    annotate (2.4.1.beta1)
    arbre (1.0.1)
      activesupport (>= 3.0.0)
    arel (3.0.2)
    bcrypt-ruby (3.0.1)
    bourbon (2.1.1)
      sass (>= 3.1)
    builder (3.0.3)
    capybara (1.1.2)
      mime-types (>= 1.16)
      nokogiri (>= 1.3.3)
      rack (>= 1.0.0)
      rack-test (>= 0.5.4)
      selenium-webdriver (~> 2.0)
      xpath (~> 0.1.4)
    childprocess (0.3.5)
      ffi (~> 1.0, >= 1.0.6)
    citier (0.1.15)
      rails_sql_views
    coffee-rails (3.2.2)
      coffee-script (>= 2.2.0)
      railties (~> 3.2.0)
    coffee-script (2.2.0)
      coffee-script-source
      execjs
    coffee-script-source (1.3.3)
    delocalize (0.3.1)
      rails (>= 3.0)
    devise (2.1.2)
      bcrypt-ruby (~> 3.0)
      orm_adapter (~> 0.1)
      railties (~> 3.1)
      warden (~> 1.2.1)
    diff-lcs (1.1.3)
    dragonfly (0.9.12)
      rack
    email_spec (1.4.0)
      launchy (~> 2.1)
      mail (~> 2.2)
    erubis (2.7.0)
    execjs (1.4.0)
      multi_json (~> 1.0)
    factory_girl (2.3.2)
      activesupport
    factory_girl_rails (1.4.0)
      factory_girl (~> 2.3.0)
      railties (>= 3.0.0)
    faker (1.0.1)
      i18n (~> 0.4)
    fastercsv (1.5.5)
    ffi (1.1.5)
    formtastic (2.1.1)
      actionpack (~> 3.0)
    friendly_id (4.0.8)
    guard (1.3.2)
      listen (>= 0.4.2)
      thor (>= 0.14.6)
    guard-rspec (0.5.5)
      guard (>= 0.8.4)
    guard-spork (0.3.2)
      guard (>= 0.8.4)
      spork (>= 0.8.4)
    has_scope (0.5.1)
    hike (1.2.1)
    i18n (0.6.1)
    inherited_resources (1.3.1)
      has_scope (~> 0.5.0)
      responders (~> 0.6)
    journey (1.0.4)
    jquery-rails (2.1.2)
      railties (>= 3.1.0, < 5.0)
      thor (~> 0.14)
    json (1.7.5)
    kaminari (0.14.1)
      actionpack (>= 3.0.0)
      activesupport (>= 3.0.0)
    launchy (2.1.2)
      addressable (~> 2.3)
    libnotify (0.5.9)
    libwebsocket (0.1.5)
      addressable
    listen (0.5.0)
    mail (2.4.4)
      i18n (>= 0.4.0)
      mime-types (~> 1.16)
      treetop (~> 1.4.8)
    meta_search (1.1.3)
      actionpack (~> 3.1)
      activerecord (~> 3.1)
      activesupport (~> 3.1)
      polyamorous (~> 0.5.0)
    mime-types (1.19)
    multi_json (1.3.6)
    mysql2 (0.3.11)
    nokogiri (1.5.5)
    orm_adapter (0.4.0)
    polyamorous (0.5.0)
      activerecord (~> 3.0)
    polyglot (0.3.3)
    populator (1.0.0)
    rack (1.4.1)
    rack-cache (1.2)
      rack (>= 0.4)
    rack-ssl (1.3.2)
      rack
    rack-test (0.6.1)
      rack (>= 1.0)
    rails (3.2.5)
      actionmailer (= 3.2.5)
      actionpack (= 3.2.5)
      activerecord (= 3.2.5)
      activeresource (= 3.2.5)
      activesupport (= 3.2.5)
      bundler (~> 1.0)
      railties (= 3.2.5)
    railties (3.2.5)
      actionpack (= 3.2.5)
      activesupport (= 3.2.5)
      rack-ssl (~> 1.3.2)
      rake (>= 0.8.7)
      rdoc (~> 3.4)
      thor (>= 0.14.6, < 2.0)
    rake (0.9.2.2)
    rb-inotify (0.8.8)
      ffi (>= 0.5.0)
    rdoc (3.12)
      json (~> 1.4)
    responders (0.9.2)
      railties (~> 3.1)
    rspec (2.10.0)
      rspec-core (~> 2.10.0)
      rspec-expectations (~> 2.10.0)
      rspec-mocks (~> 2.10.0)
    rspec-core (2.10.1)
    rspec-expectations (2.10.0)
      diff-lcs (~> 1.1.3)
    rspec-mocks (2.10.1)
    rspec-rails (2.10.0)
      actionpack (>= 3.0)
      activesupport (>= 3.0)
      railties (>= 3.0)
      rspec (~> 2.10.0)
    rubyzip (0.9.9)
    sass (3.2.1)
    sass-rails (3.2.5)
      railties (~> 3.2.0)
      sass (>= 3.1.10)
      tilt (~> 1.3)
    selenium-webdriver (2.25.0)
      childprocess (>= 0.2.5)
      libwebsocket (~> 0.1.3)
      multi_json (~> 1.0)
      rubyzip
    spork (0.9.0)
    sprockets (2.1.3)
      hike (~> 1.2)
      rack (~> 1.0)
      tilt (~> 1.1, != 1.3.0)
    thor (0.16.0)
    tilt (1.3.3)
    timeliness (0.3.7)
    treetop (1.4.10)
      polyglot
      polyglot (>= 0.3.1)
    tzinfo (0.3.33)
    uglifier (1.3.0)
      execjs (>= 0.3.0)
      multi_json (~> 1.0, >= 1.0.2)
    validates_email_format_of (1.5.3)
    validates_timeliness (3.0.14)
      timeliness (~> 0.3.6)
    warden (1.2.1)
      rack (>= 1.0)
    xpath (0.1.4)
      nokogiri (~> 1.3)

PLATFORMS
  ruby

DEPENDENCIES
  activeadmin
  annotate (~> 2.4.1.beta)
  bcrypt-ruby (= 3.0.1)
  capybara (= 1.1.2)
  citier
  coffee-rails (~> 3.2.1)
  delocalize
  dragonfly (~> 0.9.12)
  email_spec
  factory_girl_rails (= 1.4.0)
  faker (= 1.0.1)
  formtastic (~> 2.1.1)
  friendly_id (~> 4.0.1)
  guard-rspec (= 0.5.5)
  guard-spork (= 0.3.2)
  jquery-rails
  libnotify (= 0.5.9)
  meta_search (>= 1.1.0.pre)
  mysql2
  populator
  rack-cache
  rails (= 3.2.5)
  rails_sql_views!
  rb-inotify (= 0.8.8)
  rspec-rails (= 2.10.0)
  sass-rails (~> 3.2.3)
  spork (= 0.9.0)
  uglifier (>= 1.0.3)
  validates_email_format_of
  validates_timeliness (~> 3.0)
